PATH
  remote: .
  specs:
    opencensus-jaeger (0.1.0)
      concurrent-ruby (~> 1.1.4)
      jaeger-client
      opencensus (~> 0.4.0)

GEM
  remote: https://rubygems.org/
  specs:
    byebug (10.0.2)
    coderay (1.1.2)
    concurrent-ruby (1.1.4)
    diff-lcs (1.3)
    jaeger-client (0.10.0)
      opentracing (~> 0.3)
      thrift
    method_source (0.9.2)
    opencensus (0.4.0)
    opentracing (0.4.3)
    pry (0.12.2)
      coderay (~> 1.1.0)
      method_source (~> 0.9.0)
    pry-byebug (3.6.0)
      byebug (~> 10.0)
      pry (~> 0.10)
    rake (10.5.0)
    rspec (3.8.0)
      rspec-core (~> 3.8.0)
      rspec-expectations (~> 3.8.0)
      rspec-mocks (~> 3.8.0)
    rspec-core (3.8.0)
      rspec-support (~> 3.8.0)
    rspec-expectations (3.8.2)
      diff-lcs (>= 1.2.0, < 2.0)
      rspec-support (~> 3.8.0)
    rspec-mocks (3.8.0)
      diff-lcs (>= 1.2.0, < 2.0)
      rspec-support (~> 3.8.0)
    rspec-support (3.8.0)
    thrift (0.11.0.0)

PLATFORMS
  ruby
  x86_64-darwin-17

DEPENDENCIES
  bundler (~> 1.16)
  opencensus-jaeger!
  pry-byebug
  rake (~> 10.0)
  rspec (~> 3.0)

BUNDLED WITH
   1.16.6
