PATH
  remote: ..
  specs:
    opencensus-jaeger (0.1.0)
      concurrent-ruby (~> 1.1.4)
      jaeger-client
      opencensus (~> 0.4.0)

GEM
  remote: https://rubygems.org/
  specs:
    byebug (10.0.2)
    coderay (1.1.2)
    concurrent-ruby (1.1.4)
    daemons (1.3.1)
    eventmachine (1.2.7)
    faraday (0.15.4)
      multipart-post (>= 1.2, < 3)
    jaeger-client (0.10.0)
      opentracing (~> 0.3)
      thrift
    method_source (0.9.2)
    multipart-post (2.0.0)
    mustermann (1.0.3)
    opencensus (0.4.0)
    opentracing (0.4.3)
    pry (0.12.2)
      coderay (~> 1.1.0)
      method_source (~> 0.9.0)
    pry-byebug (3.6.0)
      byebug (~> 10.0)
      pry (~> 0.10)
    rack (2.0.6)
    rack-protection (2.0.5)
      rack
    sinatra (2.0.5)
      mustermann (~> 1.0)
      rack (~> 2.0)
      rack-protection (= 2.0.5)
      tilt (~> 2.0)
    thin (1.7.2)
      daemons (~> 1.0, >= 1.0.9)
      eventmachine (~> 1.0, >= 1.0.4)
      rack (>= 1, < 3)
    thrift (0.11.0.0)
    tilt (2.0.9)

PLATFORMS
  ruby
  x86_64-darwin-17

DEPENDENCIES
  faraday
  jaeger-client
  opencensus
  opencensus-jaeger!
  pry-byebug
  sinatra
  thin

BUNDLED WITH
   1.16.6
