PATH
  remote: ..
  specs:
    opencensus-jaeger (0.2.1)
      opencensus (~> 0.4.0)
      thrift (~> 0.11.0)

GEM
  remote: https://rubygems.org/
  specs:
    daemons (1.3.1)
    eventmachine (1.2.7)
    faraday (0.17.0)
      multipart-post (>= 1.2, < 3)
    multipart-post (2.1.1)
    mustermann (1.0.3)
    opencensus (0.4.0)
    rack (2.0.7)
    rack-protection (2.0.7)
      rack
    sinatra (2.0.7)
      mustermann (~> 1.0)
      rack (~> 2.0)
      rack-protection (= 2.0.7)
      tilt (~> 2.0)
    thin (1.7.2)
      daemons (~> 1.0, >= 1.0.9)
      eventmachine (~> 1.0, >= 1.0.4)
      rack (>= 1, < 3)
    thrift (0.11.0.0)
    tilt (2.0.10)

PLATFORMS
  ruby
  x86_64-darwin-18

DEPENDENCIES
  faraday
  opencensus
  opencensus-jaeger!
  sinatra
  thin

BUNDLED WITH
   2.0.2
